PATH
  remote: .
  specs:
    digital_interact (0.2.0)

GEM
  remote: https://rubygems.org/
  specs:
    rake (13.2.1)

PLATFORMS
  ruby
  x86_64-linux

DEPENDENCIES
  digital_interact!
  rake (~> 13.0)

BUNDLED WITH
   2.5.11
