PATH
  remote: .
  specs:
    sebes_do_interact (0.1.2)

GEM
  remote: https://rubygems.org/
  specs:
    rake (13.2.1)

PLATFORMS
  ruby
  x86_64-linux

DEPENDENCIES
  rake (~> 13.0)
  sebes_do_interact!

BUNDLED WITH
   2.5.11
